PATH
  remote: .
  specs:
    orochi-for-medusa (1.0.4)
      medusa_rest_client (~> 0.1.12)
      unindent

GEM
  remote: https://rubygems.org/
  remote: http://dream.misasa.okayama-u.ac.jp/rubygems/
  specs:
    activemodel (4.2.11.1)
      activesupport (= 4.2.11.1)
      builder (~> 3.1)
    activeresource (4.0.0)
      activemodel (~> 4.0)
      activesupport (~> 4.0)
      rails-observers (~> 0.1.1)
    activesupport (4.2.11.1)
      i18n (~> 0.7)
      minitest (~> 5.1)
      thread_safe (~> 0.3, >= 0.3.4)
      tzinfo (~> 1.1)
    builder (3.2.3)
    coderay (1.1.2)
    concurrent-ruby (1.1.5)
    diff-lcs (1.3)
    gli (2.19.0)
    i18n (0.9.5)
      concurrent-ruby (~> 1.0)
    medusa_rest_client (0.1.12)
      activeresource (~> 4.0.0)
      gli (~> 2.12)
      pry (~> 0.9)
      rails-observers (= 0.1.2)
    method_source (0.9.2)
    minitest (5.13.0)
    pry (0.12.2)
      coderay (~> 1.1.0)
      method_source (~> 0.9.0)
    rails-observers (0.1.2)
      activemodel (~> 4.0)
    rake (10.5.0)
    rspec (3.8.0)
      rspec-core (~> 3.8.0)
      rspec-expectations (~> 3.8.0)
      rspec-mocks (~> 3.8.0)
    rspec-core (3.8.0)
      rspec-support (~> 3.8.0)
    rspec-expectations (3.8.2)
      diff-lcs (>= 1.2.0, < 2.0)
      rspec-support (~> 3.8.0)
    rspec-mocks (3.8.0)
      diff-lcs (>= 1.2.0, < 2.0)
      rspec-support (~> 3.8.0)
    rspec-support (3.8.0)
    thread_safe (0.3.6)
    tzinfo (1.2.5)
      thread_safe (~> 0.1)
    unindent (1.0)

PLATFORMS
  ruby
  x64-mingw32

DEPENDENCIES
  bundler (>= 1.7)
  orochi-for-medusa!
  rake (~> 10.0)
  rspec (~> 3.3)

BUNDLED WITH
   1.16.5
